GIT
  remote: https://github.com/rvedotrc/rosarium.git
  revision: 968feed0c96376dd33f78b92e164ed82a3a24a70
  tag: v0.1.4
  specs:
    rosarium (0.1.4)

GEM
  remote: https://rubygems.org/
  specs:
    addressable (2.3.8)
    aws-sdk (2.1.12)
      aws-sdk-resources (= 2.1.12)
    aws-sdk-core (2.1.12)
      jmespath (~> 1.0)
    aws-sdk-resources (2.1.12)
      aws-sdk-core (= 2.1.12)
    descendants_tracker (0.0.4)
      thread_safe (~> 0.3, >= 0.3.1)
    faraday (0.9.1)
      multipart-post (>= 1.2, < 3)
    github_api (0.12.4)
      addressable (~> 2.3)
      descendants_tracker (~> 0.0.4)
      faraday (~> 0.8, < 0.10)
      hashie (>= 3.4)
      multi_json (>= 1.7.5, < 2.0)
      nokogiri (~> 1.6.6)
      oauth2
    hashie (3.4.2)
    jmespath (1.0.2)
      multi_json (~> 1.0)
    jwt (1.5.1)
    mini_portile (0.6.2)
    multi_json (1.11.2)
    multi_xml (0.5.5)
    multipart-post (2.0.0)
    nokogiri (1.6.6.2)
      mini_portile (~> 0.6.0)
    oauth2 (1.0.0)
      faraday (>= 0.8, < 0.10)
      jwt (~> 1.0)
      multi_json (~> 1.3)
      multi_xml (~> 0.5)
      rack (~> 1.2)
    rack (1.6.4)
    thread_safe (0.3.5)

PLATFORMS
  ruby

DEPENDENCIES
  aws-sdk (~> 2.1)!
  github_api (~> 0.12.3)!
  rosarium (~> 0.1.4)!

BUNDLED WITH
   1.11.2
